GEM
  remote: https://rubygems.org/
  specs:
    cloudmersive-image-recognition-api-client (2.0.5)
      json (~> 2.1, >= 2.1.0)
      typhoeus (~> 1.0, >= 1.0.1)
    ethon (0.14.0)
      ffi (>= 1.15.0)
    faraday (1.8.0)
      faraday-em_http (~> 1.0)
      faraday-em_synchrony (~> 1.0)
      faraday-excon (~> 1.1)
      faraday-httpclient (~> 1.0.1)
      faraday-net_http (~> 1.0)
      faraday-net_http_persistent (~> 1.1)
      faraday-patron (~> 1.0)
      faraday-rack (~> 1.0)
      multipart-post (>= 1.2, < 3)
      ruby2_keywords (>= 0.0.4)
    faraday-em_http (1.0.0)
    faraday-em_synchrony (1.0.0)
    faraday-excon (1.1.0)
    faraday-httpclient (1.0.1)
    faraday-net_http (1.0.1)
    faraday-net_http_persistent (1.2.0)
    faraday-patron (1.0.0)
    faraday-rack (1.0.0)
    ffi (1.15.4)
    json (2.5.1)
    multipart-post (2.1.1)
    ruby2_keywords (0.0.5)
    typhoeus (1.4.0)
      ethon (>= 0.9.0)

PLATFORMS
  x86_64-darwin-20

DEPENDENCIES
  cloudmersive-image-recognition-api-client (~> 2.0, >= 2.0.5)
  faraday (~> 1.8)

RUBY VERSION
   ruby 3.0.1p64

BUNDLED WITH
   2.2.15
